GEM
  remote: https://rubygems.org/
  specs:
    coderay (1.1.3)
    csv (3.2.7)
    method_source (1.0.0)
    pry (0.14.2)
      coderay (~> 1.1)
      method_source (~> 1.0)

PLATFORMS
  x86_64-linux

DEPENDENCIES
  csv
  pry (~> 0.14.2)

RUBY VERSION
   ruby 3.2.2p53

BUNDLED WITH
   2.4.20
